PATH
  remote: .
  specs:
    rescodegen (0.1.0)

GEM
  remote: https://rubygems.org/
  specs:
    minitest (5.4.3)
    rake (10.4.2)

PLATFORMS
  ruby

DEPENDENCIES
  bundler (~> 1.11)
  minitest (~> 5.0)
  rake (~> 10.0)
  rescodegen!

BUNDLED WITH
   1.11.2
