PATH
  remote: .
  specs:
    rescodegen (0.1.1)

GEM
  remote: https://rubygems.org/
  specs:
    docile (1.1.5)
    json (1.8.3)
    minitest (5.8.4)
    rake (10.5.0)
    simplecov (0.11.2)
      docile (~> 1.1.0)
      json (~> 1.8)
      simplecov-html (~> 0.10.0)
    simplecov-html (0.10.0)

PLATFORMS
  ruby

DEPENDENCIES
  bundler (~> 1.11)
  minitest (~> 5.0)
  rake (~> 10.0)
  rescodegen!
  simplecov (~> 0.11)

BUNDLED WITH
   1.11.2
